PATH
  remote: .
  specs:
    ipecache (0.0.1)
      app_conf (>= 0.4.0)
      choice (>= 0.1.6)
      faraday_middleware (>= 0.9.0)

GEM
  remote: http://rubygems.org/
  specs:
    app_conf (0.4.0)
    choice (0.1.6)
    faraday (0.8.6)
      multipart-post (~> 1.1)
    faraday_middleware (0.9.0)
      faraday (>= 0.7.4, < 0.9)
    multipart-post (1.2.0)

PLATFORMS
  ruby

DEPENDENCIES
  ipecache!
