PATH
  remote: .
  specs:
    ipecache (0.0.6)
      app_conf (>= 0.4.0)
      choice (>= 0.1.6)
      faraday_middleware (>= 0.9.0)
      public_suffix (>= 1.4.2)

GEM
  remote: https://rubygems.org/
  specs:
    app_conf (0.4.2)
    choice (0.1.6)
    faraday (0.9.0)
      multipart-post (>= 1.2, < 3)
    faraday_middleware (0.9.1)
      faraday (>= 0.7.4, < 0.10)
    multipart-post (2.0.0)
    public_suffix (1.4.2)

PLATFORMS
  ruby

DEPENDENCIES
  ipecache!
